PATH
  remote: .
  specs:
    beer_snob (0.1.0)

GEM
  remote: https://rubygems.org/
  specs:
    coderay (1.1.3)
    colorize (0.8.1)
    marc (1.1.1)
      rexml
      scrub_rb (>= 1.0.1, < 2)
      unf
    method_source (1.0.0)
    nokogiri (1.14.3-x86_64-darwin)
      racc (~> 1.4)
    nokogiri (1.14.3-x86_64-linux)
      racc (~> 1.4)
    openurl (1.0.0)
      marc
      scrub_rb (~> 1.0)
    pry (0.14.1)
      coderay (~> 1.1)
      method_source (~> 1.0)
    racc (1.6.2)
    rake (13.0.6)
    rexml (3.2.5)
    scrub_rb (1.0.1)
    unf (0.1.4)
      unf_ext
    unf_ext (0.0.7.7)

PLATFORMS
  x86_64-darwin-20
  x86_64-linux

DEPENDENCIES
  beer_snob!
  bundler (~> 2.0)
  colorize
  nokogiri
  openurl
  pry
  rake (~> 13.0)

BUNDLED WITH
   2.2.21
