PATH
  remote: .
  specs:
    beer_snob (0.1.0)

GEM
  remote: https://rubygems.org/
  specs:
    coderay (1.1.2)
    colorize (0.8.1)
    marc (1.0.4)
      scrub_rb (>= 1.0.1, < 2)
      unf
    method_source (1.0.0)
    mini_portile2 (2.5.3)
    nokogiri (1.11.7)
      mini_portile2 (~> 2.5.0)
      racc (~> 1.4)
    openurl (1.0.0)
      marc
      scrub_rb (~> 1.0)
    pry (0.13.0)
      coderay (~> 1.1)
      method_source (~> 1.0)
    racc (1.5.2)
    rake (13.0.1)
    scrub_rb (1.0.1)
    unf (0.1.4)
      unf_ext
    unf_ext (0.0.7.7)

PLATFORMS
  ruby

DEPENDENCIES
  beer_snob!
  bundler (~> 2.0)
  colorize
  nokogiri
  openurl
  pry
  rake (~> 13.0)

BUNDLED WITH
<<<<<<< HEAD
   2.1.4
=======
   2.2.21
>>>>>>> turnt
