PATH
  remote: .
  specs:
    beer_snob (0.1.0)

GEM
  remote: https://rubygems.org/
  specs:
    coderay (1.1.2)
    colorize (0.8.1)
    marc (1.0.2)
      scrub_rb (>= 1.0.1, < 2)
      unf
    method_source (0.9.2)
    mini_portile2 (2.4.0)
    nokogiri (1.10.8)
      mini_portile2 (~> 2.4.0)
    openurl (1.0.0)
      marc
      scrub_rb (~> 1.0)
    pry (0.12.2)
      coderay (~> 1.1.0)
      method_source (~> 0.9.0)
    rake (12.3.2)
    scrub_rb (1.0.1)
    unf (0.1.4)
      unf_ext
    unf_ext (0.0.7.5)

PLATFORMS
  ruby

DEPENDENCIES
  beer_snob!
  bundler (~> 2.0)
  colorize
  nokogiri
  openurl
  pry
  rake (~> 12.3)

BUNDLED WITH
   2.0.1
